GIT
  remote: https://github.com/beanieboi/business_time
  revision: 36addcb5343f901686131b7891b6eea1d613c7ce
  specs:
    business_time (1.0.0)
      activesupport (>= 5.0)
      sorted_set
      tzinfo

GIT
  remote: https://github.com/scratch-soft/themify-icons-rails.git
  revision: af9160153187b577d32011fb3cf698a92d81a820
  specs:
    themify-icons-rails (1.0.1.2)
      rails

GIT
  remote: https://github.com/stympy/faker.git
  revision: 3b4d4342e7b394fc69c9783193f2d911255d3768
  specs:
    faker (2.16.0)
      i18n (>= 1.6, < 2)

GIT
  remote: https://github.com/waynerobinson/xeroizer.git
  revision: cce67338a8d029cdf6a9b7d3567d727f8ff77b75
  specs:
    xeroizer (3.0.0.pre.beta)
      activesupport
      builder (>= 2.1.2)
      i18n
      nokogiri
      oauth (>= 0.4.5)
      oauth2 (>= 1.4.0)
      tzinfo

GEM
  remote: https://rubygems.org/
  specs:
    aasm (5.1.1)
      concurrent-ruby (~> 1.0)
    actioncable (6.1.3.1)
      actionpack (= 6.1.3.1)
      activesupport (= 6.1.3.1)
      nio4r (~> 2.0)
      websocket-driver (>= 0.6.1)
    actionmailbox (6.1.3.1)
      actionpack (= 6.1.3.1)
      activejob (= 6.1.3.1)
      activerecord (= 6.1.3.1)
      activestorage (= 6.1.3.1)
      activesupport (= 6.1.3.1)
      mail (>= 2.7.1)
    actionmailer (6.1.3.1)
      actionpack (= 6.1.3.1)
      actionview (= 6.1.3.1)
      activejob (= 6.1.3.1)
      activesupport (= 6.1.3.1)
      mail (~> 2.5, >= 2.5.4)
      rails-dom-testing (~> 2.0)
    actionpack (6.1.3.1)
      actionview (= 6.1.3.1)
      activesupport (= 6.1.3.1)
      rack (~> 2.0, >= 2.0.9)
      rack-test (>= 0.6.3)
      rails-dom-testing (~> 2.0)
      rails-html-sanitizer (~> 1.0, >= 1.2.0)
    actiontext (6.1.3.1)
      actionpack (= 6.1.3.1)
      activerecord (= 6.1.3.1)
      activestorage (= 6.1.3.1)
      activesupport (= 6.1.3.1)
      nokogiri (>= 1.8.5)
    actionview (6.1.3.1)
      activesupport (= 6.1.3.1)
      builder (~> 3.1)
      erubi (~> 1.4)
      rails-dom-testing (~> 2.0)
      rails-html-sanitizer (~> 1.1, >= 1.2.0)
    activejob (6.1.3.1)
      activesupport (= 6.1.3.1)
      globalid (>= 0.3.6)
    activemodel (6.1.3.1)
      activesupport (= 6.1.3.1)
    activerecord (6.1.3.1)
      activemodel (= 6.1.3.1)
      activesupport (= 6.1.3.1)
    activestorage (6.1.3.1)
      actionpack (= 6.1.3.1)
      activejob (= 6.1.3.1)
      activerecord (= 6.1.3.1)
      activesupport (= 6.1.3.1)
      marcel (~> 1.0.0)
      mini_mime (~> 1.0.2)
    activestorage-office-previewer (0.1.2)
      activestorage (>= 6.0.0)
    activesupport (6.1.3.1)
      concurrent-ruby (~> 1.0, >= 1.0.2)
      i18n (>= 1.6, < 2)
      minitest (>= 5.1)
      tzinfo (~> 2.0)
      zeitwerk (~> 2.3)
    activity_notification (2.2.1)
      i18n (>= 0.5.0)
      jquery-rails (>= 3.1.1)
      railties (>= 5.0.0, < 6.2)
      swagger-blocks (>= 3.0.0)
    acts-as-taggable-on (7.0.0)
      activerecord (>= 5.0, < 6.2)
    acts_as_list (1.0.3)
      activerecord (>= 4.2)
    addressable (2.8.0)
      public_suffix (>= 2.0.2, < 5.0)
    administrate (0.15.0)
      actionpack (>= 5.0)
      actionview (>= 5.0)
      activerecord (>= 5.0)
      datetime_picker_rails (~> 0.0.7)
      jquery-rails (>= 4.0)
      kaminari (>= 1.0)
      momentjs-rails (~> 2.8)
      sassc-rails (~> 2.1)
      selectize-rails (~> 0.6)
    administrate-field-active_storage (0.3.6)
      administrate (>= 0.2.2)
      rails (>= 6.0)
    administrate-field-acts_as_taggable (0.0.3)
      acts-as-taggable-on (>= 6.0)
      administrate (< 1.0.0)
    administrate-field-image (1.1.0)
      administrate (>= 0.2.0.rc1)
    administrate-field-jsonb (0.4.2)
      administrate (< 1.0.0)
      rails (>= 4.2, < 7)
    administrate-field-nested_has_many (1.3.0)
      administrate (> 0.8, < 1)
      cocoon (~> 1.2, >= 1.2.11)
    algoliasearch (1.27.5)
      httpclient (~> 2.8, >= 2.8.3)
      json (>= 1.5.1)
    algoliasearch-rails (1.25.0)
      algoliasearch (>= 1.26.0, < 2.0.0)
      json (>= 1.5.1)
    ancestry (3.2.1)
      activerecord (>= 4.2.0)
    ast (2.4.2)
    aws-eventstream (1.1.1)
    aws-partitions (1.436.0)
    aws-sdk-core (3.113.0)
      aws-eventstream (~> 1, >= 1.0.2)
      aws-partitions (~> 1, >= 1.239.0)
      aws-sigv4 (~> 1.1)
      jmespath (~> 1.0)
    aws-sdk-kms (1.43.0)
      aws-sdk-core (~> 3, >= 3.112.0)
      aws-sigv4 (~> 1.1)
    aws-sdk-s3 (1.93.0)
      aws-sdk-core (~> 3, >= 3.112.0)
      aws-sdk-kms (~> 1)
      aws-sigv4 (~> 1.1)
    aws-sdk-textract (1.24.0)
      aws-sdk-core (~> 3, >= 3.112.0)
      aws-sigv4 (~> 1.1)
    aws-sigv4 (1.2.3)
      aws-eventstream (~> 1, >= 1.0.2)
    bcrypt (3.1.16)
    benchmark-ips (2.8.4)
    better_errors (2.9.1)
      coderay (>= 1.0.0)
      erubi (>= 1.0.0)
      rack (>= 0.9.0)
    bindex (0.8.1)
    binding_of_caller (1.0.0)
      debug_inspector (>= 0.0.1)
    bootsnap (1.9.4)
      msgpack (~> 1.0)
    brakeman (5.0.0)
    builder (3.2.4)
    bullet (6.1.4)
      activesupport (>= 3.0.0)
      uniform_notifier (~> 1.11)
    byebug (11.1.3)
    choice (0.2.0)
    cocoon (1.2.15)
    coderay (1.1.3)
    concurrent-ruby (1.1.8)
    countries (3.0.1)
      i18n_data (~> 0.10.0)
      sixarm_ruby_unaccent (~> 1.1)
      unicode_utils (~> 1.4)
    crack (0.4.5)
      rexml
    crass (1.0.6)
    css_parser (1.9.0)
      addressable
    datetime_picker_rails (0.0.7)
      momentjs-rails (>= 2.8.1)
    dead_end (1.1.6)
    debug_inspector (1.0.0)
    deep_cloneable (3.1.0)
      activerecord (>= 3.1.0, < 7)
    derailed_benchmarks (2.0.1)
      benchmark-ips (~> 2)
      dead_end
      get_process_mem (~> 0)
      heapy (~> 0)
      memory_profiler (>= 0, < 2)
      mini_histogram (>= 0.3.0)
      rack (>= 1)
      rack-test
      rake (> 10, < 14)
      ruby-statistics (>= 2.1)
      thor (>= 0.19, < 2)
    devise (4.7.3)
      bcrypt (~> 3.0)
      orm_adapter (~> 0.1)
      railties (>= 4.1.0)
      responders
      warden (~> 1.2.3)
    diff-lcs (1.4.4)
    dotenv (2.7.6)
    dotenv-rails (2.7.6)
      dotenv (= 2.7.6)
      railties (>= 3.2)
    erubi (1.10.0)
    execjs (2.7.0)
    factory_bot (6.1.0)
      activesupport (>= 5.0.0)
    factory_bot_rails (6.1.0)
      factory_bot (~> 6.1.0)
      railties (>= 5.0.0)
    faraday (1.3.0)
      faraday-net_http (~> 1.0)
      multipart-post (>= 1.2, < 3)
      ruby2_keywords
    faraday-net_http (1.0.1)
    faraday_middleware (1.0.0)
      faraday (~> 1.0)
    ffi (1.15.5)
    font_awesome5_rails (1.3.0)
      railties (>= 4.2)
    foreman (0.87.2)
    formatador (0.2.5)
    foundation_emails (2.2.1.0)
    friendly_id (5.4.2)
      activerecord (>= 4.0.0)
    get_process_mem (0.2.7)
      ffi (~> 1.0)
    gli (2.20.0)
    globalid (0.4.2)
      activesupport (>= 4.2.0)
    guard (2.16.2)
      formatador (>= 0.2.4)
      listen (>= 2.7, < 4.0)
      lumberjack (>= 1.0.12, < 2.0)
      nenv (~> 0.1)
      notiffany (~> 0.0)
      pry (>= 0.9.12)
      shellany (~> 0.0)
      thor (>= 0.18.1)
    guard-compat (1.2.1)
    guard-rspec (4.7.3)
      guard (~> 2.1)
      guard-compat (~> 1.1)
      rspec (>= 2.99.0, < 4.0)
    hashdiff (1.0.1)
    hashie (4.1.0)
    heapy (0.2.0)
      thor
    htmlentities (4.3.4)
    httpclient (2.8.3)
    i18n (1.8.9)
      concurrent-ruby (~> 1.0)
    i18n_data (0.10.0)
    image_processing (1.12.2)
      mini_magick (>= 4.9.5, < 5)
      ruby-vips (>= 2.0.17, < 3)
    inky-rb (1.3.8.0)
      foundation_emails (~> 2)
      nokogiri
    jbuilder (2.11.2)
      activesupport (>= 5.0.0)
    jmespath (1.4.0)
    jquery-rails (4.4.0)
      rails-dom-testing (>= 1, < 3)
      railties (>= 4.2.0)
      thor (>= 0.14, < 2.0)
    jquery-turbolinks (2.1.0)
      railties (>= 3.1.0)
      turbolinks
    json (2.5.1)
    jwt (2.2.2)
    kaminari (1.2.1)
      activesupport (>= 4.1.0)
      kaminari-actionview (= 1.2.1)
      kaminari-activerecord (= 1.2.1)
      kaminari-core (= 1.2.1)
    kaminari-actionview (1.2.1)
      actionview
      kaminari-core (= 1.2.1)
    kaminari-activerecord (1.2.1)
      activerecord
      kaminari-core (= 1.2.1)
    kaminari-core (1.2.1)
    listen (3.4.1)
      rb-fsevent (~> 0.10, >= 0.10.3)
      rb-inotify (~> 0.9, >= 0.9.10)
    lograge (0.11.2)
      actionpack (>= 4)
      activesupport (>= 4)
      railties (>= 4)
      request_store (~> 1.0)
    loofah (2.19.1)
      crass (~> 1.0.2)
      nokogiri (>= 1.5.9)
    lumberjack (1.2.8)
    mail (2.7.1)
      mini_mime (>= 0.1.1)
    marcel (1.0.0)
    memory_profiler (1.0.0)
    method_source (1.0.0)
    mini_histogram (0.3.1)
    mini_magick (4.11.0)
    mini_mime (1.0.3)
    mini_portile2 (2.8.0)
    minitest (5.14.4)
    momentjs-rails (2.20.1)
      railties (>= 3.1)
    monetize (1.9.4)
      money (~> 6.12)
    money (6.13.8)
      i18n (>= 0.6.4, <= 2)
    money-rails (1.14.0)
      activesupport (>= 3.0)
      monetize (~> 1.9.0)
      money (~> 6.13.2)
      railties (>= 3.0)
    msgpack (1.4.2)
    multi_json (1.15.0)
    multi_xml (0.6.0)
    multipart-post (2.1.1)
    nenv (0.3.0)
    nio4r (2.5.8)
    nokogiri (1.13.10)
      mini_portile2 (~> 2.8.0)
      racc (~> 1.4)
    notiffany (0.1.3)
      nenv (~> 0.1)
      shellany (~> 0.0)
    oauth (0.5.5)
    oauth2 (1.4.4)
      faraday (>= 0.8, < 2.0)
      jwt (>= 1.0, < 3.0)
      multi_json (~> 1.3)
      multi_xml (~> 0.5)
      rack (>= 1.2, < 3)
    oj (3.11.2)
    omniauth (2.0.3)
      hashie (>= 3.4.6)
      rack (>= 1.6.2, < 3)
      rack-protection
    omniauth-oauth2 (1.7.1)
      oauth2 (~> 1.4)
      omniauth (>= 1.9, < 3)
    omniauth-rails_csrf_protection (1.0.0)
      actionpack (>= 4.2)
      omniauth (~> 2.0)
    orm_adapter (0.5.0)
    parallel (1.20.1)
    parser (3.0.0.0)
      ast (~> 2.4.1)
    pg (1.2.3)
    phonelib (0.6.48)
    popper_js (2.8.6)
    premailer (1.14.2)
      addressable
      css_parser (>= 1.6.0)
      htmlentities (>= 4.0.0)
    premailer-rails (1.11.1)
      actionmailer (>= 3)
      premailer (~> 1.7, >= 1.7.9)
    pry (0.13.1)
      coderay (~> 1.1)
      method_source (~> 1.0)
    pry-byebug (3.9.0)
      byebug (~> 11.0)
      pry (~> 0.13.0)
    pry-rails (0.3.9)
      pry (>= 0.10.4)
    pry-remote (0.1.8)
      pry (~> 0.9)
      slop (~> 3.0)
    public_activity (1.6.4)
      actionpack (>= 3.0.0)
      activerecord (>= 3.0)
      i18n (>= 0.5.0)
      railties (>= 3.0.0)
    public_suffix (4.0.6)
    puma (5.6.4)
      nio4r (~> 2.0)
    pundit (2.1.0)
      activesupport (>= 3.0.0)
    racc (1.6.1)
    rack (2.2.3)
    rack-attack (6.5.0)
      rack (>= 1.0, < 3)
    rack-mini-profiler (2.3.1)
      rack (>= 1.2.0)
    rack-protection (2.1.0)
      rack
    rack-proxy (0.6.5)
      rack
    rack-test (1.1.0)
      rack (>= 1.0, < 3)
    rack-timeout (0.6.0)
    rails (6.1.3.1)
      actioncable (= 6.1.3.1)
      actionmailbox (= 6.1.3.1)
      actionmailer (= 6.1.3.1)
      actionpack (= 6.1.3.1)
      actiontext (= 6.1.3.1)
      actionview (= 6.1.3.1)
      activejob (= 6.1.3.1)
      activemodel (= 6.1.3.1)
      activerecord (= 6.1.3.1)
      activestorage (= 6.1.3.1)
      activesupport (= 6.1.3.1)
      bundler (>= 1.15.0)
      railties (= 6.1.3.1)
      sprockets-rails (>= 2.0.0)
    rails-controller-testing (1.0.5)
      actionpack (>= 5.0.1.rc1)
      actionview (>= 5.0.1.rc1)
      activesupport (>= 5.0.1.rc1)
    rails-dom-testing (2.0.3)
      activesupport (>= 4.2.0)
      nokogiri (>= 1.6)
    rails-erd (1.6.1)
      activerecord (>= 4.2)
      activesupport (>= 4.2)
      choice (~> 0.2.0)
      ruby-graphviz (~> 1.2)
    rails-html-sanitizer (1.4.4)
      loofah (~> 2.19, >= 2.19.1)
    rails_12factor (0.0.3)
      rails_serve_static_assets
      rails_stdout_logging
    rails_real_favicon (0.1.0)
      json (>= 1.7, < 3)
      rails
      rubyzip (~> 2)
    rails_serve_static_assets (0.0.5)
    rails_stdout_logging (0.0.5)
    railties (6.1.3.1)
      actionpack (= 6.1.3.1)
      activesupport (= 6.1.3.1)
      method_source
      rake (>= 0.8.7)
      thor (~> 1.0)
    rainbow (3.0.0)
    rake (13.0.3)
    rb-fsevent (0.10.4)
    rb-inotify (0.10.1)
      ffi (~> 1.0)
    rbtree (0.4.4)
    regexp_parser (2.1.1)
    request_store (1.5.0)
      rack (>= 1.4)
    responders (3.0.1)
      actionpack (>= 5.0)
      railties (>= 5.0)
    rexml (3.2.5)
    rolify (5.3.0)
    rollbar (3.1.2)
    roo (2.8.3)
      nokogiri (~> 1)
      rubyzip (>= 1.3.0, < 3.0.0)
    rspec (3.10.0)
      rspec-core (~> 3.10.0)
      rspec-expectations (~> 3.10.0)
      rspec-mocks (~> 3.10.0)
    rspec-core (3.10.1)
      rspec-support (~> 3.10.0)
    rspec-expectations (3.10.1)
      diff-lcs (>= 1.2.0, < 2.0)
      rspec-support (~> 3.10.0)
    rspec-mocks (3.10.2)
      diff-lcs (>= 1.2.0, < 2.0)
      rspec-support (~> 3.10.0)
    rspec-rails (4.0.2)
      actionpack (>= 4.2)
      activesupport (>= 4.2)
      railties (>= 4.2)
      rspec-core (~> 3.10)
      rspec-expectations (~> 3.10)
      rspec-mocks (~> 3.10)
      rspec-support (~> 3.10)
    rspec-support (3.10.2)
    rspec_junit_formatter (0.4.1)
      rspec-core (>= 2, < 4, != 2.12.0)
    rubocop (1.11.0)
      parallel (~> 1.10)
      parser (>= 3.0.0.0)
      rainbow (>= 2.2.2, < 4.0)
      regexp_parser (>= 1.8, < 3.0)
      rexml
      rubocop-ast (>= 1.2.0, < 2.0)
      ruby-progressbar (~> 1.7)
      unicode-display_width (>= 1.4.0, < 3.0)
    rubocop-ast (1.4.1)
      parser (>= 2.7.1.5)
    ruby-graphviz (1.2.5)
      rexml
    ruby-progressbar (1.11.0)
    ruby-statistics (2.1.3)
    ruby-vips (2.1.4)
      ffi (~> 1.12)
    ruby2_keywords (0.0.4)
    ruby_http_client (3.5.2)
    rubyzip (2.3.0)
    sassc (2.4.0)
      ffi (~> 1.9)
    sassc-rails (2.1.2)
      railties (>= 4.0.0)
      sassc (>= 2.0)
      sprockets (> 3.0)
      sprockets-rails
      tilt
    scout_apm (4.0.4)
      parser
    selectize-rails (0.12.6)
    semantic_range (2.3.1)
    sendgrid-actionmailer (3.2.0)
      mail (~> 2.7)
      sendgrid-ruby (~> 6.4)
    sendgrid-ruby (6.4.0)
      ruby_http_client (~> 3.4)
    set (1.0.1)
    shellany (0.0.1)
    shortuuid (0.6.0)
    shoulda (4.0.0)
      shoulda-context (~> 2.0)
      shoulda-matchers (~> 4.0)
    shoulda-context (2.0.0)
    shoulda-matchers (4.5.1)
      activesupport (>= 4.2.0)
    simple_calendar (2.4.1)
      rails (>= 3.0)
    sixarm_ruby_unaccent (1.2.0)
    skylight (4.3.2)
      skylight-core (= 4.3.2)
    skylight-core (4.3.2)
      activesupport (>= 4.2.0)
    slack-ruby-client (0.16.0)
      faraday (>= 1.0)
      faraday_middleware
      gli
      hashie
      websocket-driver
    slim (4.1.0)
      temple (>= 0.7.6, < 0.9)
      tilt (>= 2.0.6, < 2.1)
    slim-rails (3.2.0)
      actionpack (>= 3.1)
      railties (>= 3.1)
      slim (>= 3.0, < 5.0)
    slop (3.6.0)
    snitcher (0.4.1)
    sorted_set (1.0.3)
      rbtree
      set (~> 1.0)
    spring (2.1.1)
    spring-commands-rspec (1.0.4)
      spring (>= 0.9.1)
    sprockets (3.7.2)
      concurrent-ruby (~> 1.0)
      rack (> 1, < 3)
    sprockets-rails (3.2.2)
      actionpack (>= 4.0)
      activesupport (>= 4.0)
      sprockets (>= 3.0.0)
    squasher (0.6.2)
    stripe (5.30.0)
    stripe_event (2.3.1)
      activesupport (>= 3.1)
      stripe (>= 2.8, < 6)
    sucker_punch (3.0.0)
      concurrent-ruby (~> 1.0)
    swagger-blocks (3.0.0)
    temple (0.8.2)
    thor (1.1.0)
    tilt (2.0.10)
    trix (0.10.1)
      rails
    turbolinks (5.2.1)
      turbolinks-source (~> 5.2)
    turbolinks-source (5.2.0)
    twilio-ruby (5.48.0)
      faraday (>= 0.9, < 2.0)
      jwt (>= 1.5, <= 2.5)
      nokogiri (>= 1.6, < 2.0)
    tzinfo (2.0.4)
      concurrent-ruby (~> 1.0)
    uglifier (4.2.0)
      execjs (>= 0.3.0, < 3)
    unicode-display_width (2.0.0)
    unicode_utils (1.4.0)
    uniform_notifier (1.14.1)
    warden (1.2.9)
      rack (>= 2.0.9)
    web-console (4.1.0)
      actionview (>= 6.0.0)
      activemodel (>= 6.0.0)
      bindex (>= 0.4.0)
      railties (>= 6.0.0)
    webmock (3.12.0)
      addressable (>= 2.3.6)
      crack (>= 0.3.2)
      hashdiff (>= 0.4.0, < 2.0.0)
    webpacker (5.2.1)
      activesupport (>= 5.2)
      rack-proxy (>= 0.6.1)
      railties (>= 5.2)
      semantic_range (>= 2.3.0)
    websocket-driver (0.7.3)
      websocket-extensions (>= 0.1.0)
    websocket-extensions (0.1.5)
    zeitwerk (2.4.2)

PLATFORMS
  ruby

DEPENDENCIES
  aasm
  activestorage-office-previewer
  activity_notification
  acts-as-taggable-on (~> 7.0.0)
  acts_as_list
  administrate (= 0.15.0)
  administrate-field-active_storage
  administrate-field-acts_as_taggable
  administrate-field-image
  administrate-field-jsonb
  administrate-field-nested_has_many
  algoliasearch-rails
  ancestry
  aws-sdk-s3 (~> 1.93.0)
  aws-sdk-textract (~> 1.24.0)
  better_errors
  binding_of_caller
  bootsnap
  brakeman
  bullet
  business_time!
  byebug
  cocoon
  countries
  deep_cloneable (~> 3.1.0)
  derailed_benchmarks
  devise
  dotenv-rails
  factory_bot_rails
  faker!
  font_awesome5_rails
  foreman
  friendly_id (= 5.4.2)
  guard-rspec
  image_processing (~> 1.12.2)
  inky-rb
  jbuilder (~> 2.11.0)
  jquery-rails
  jquery-turbolinks
  lograge
  mini_mime
  money-rails (~> 1.14.0)
  oj
  omniauth
  omniauth-oauth2
  omniauth-rails_csrf_protection
  pg (>= 1.2.3, < 2.0)
  phonelib
  popper_js
  premailer-rails
  pry-byebug
  pry-rails
  pry-remote
  public_activity
  puma
  pundit
  rack-attack
  rack-mini-profiler
  rack-timeout
  rails (~> 6.1.3.0)
  rails-controller-testing
  rails-erd
  rails_12factor
  rails_real_favicon
  rolify
  rollbar
  roo (~> 2.8.0)
  rspec-rails
  rspec_junit_formatter
  rubocop
  scout_apm
  sendgrid-actionmailer
  sendgrid-ruby
  shortuuid
  shoulda
  simple_calendar (~> 2.4.0)
  skylight
  slack-ruby-client
  slim-rails
  snitcher
  spring
  spring-commands-rspec
  sprockets (~> 3.7.0)
  squasher (>= 0.6.2)
  stripe
  stripe_event
  sucker_punch (~> 3.0.0)
  themify-icons-rails!
  trix
  turbolinks (~> 5.2.0)
  twilio-ruby
  uglifier (>= 4.2.0)
  web-console
  webmock
  webpacker (~> 5.2.1)
  xeroizer!

RUBY VERSION
   ruby 3.0.3p157

BUNDLED WITH
   2.2.32
